GIT
  remote: https://github.com/openteam-tusur/auth_client
  revision: 53da8e0d2a4ee70bb8272f8b1537e6c279247ae9
  specs:
    auth_client (0.0.5)
      activesupport
      auth_redis_user_connector
      configliere
      daemons
      rails

GIT
  remote: https://github.com/openteam-tusur/auth_redis_user_connector
  revision: a64ce48eb63b622b815746b9926087977297423f
  specs:
    auth_redis_user_connector (0.0.8)
      hiredis
      redis

GEM
  remote: https://rubygems.org/
  remote: https://rails-assets.org/
  specs:
    actionmailer (4.0.13)
      actionpack (= 4.0.13)
      mail (~> 2.5, >= 2.5.4)
    actionpack (4.0.13)
      activesupport (= 4.0.13)
      builder (~> 3.1.0)
      erubis (~> 2.7.0)
      rack (~> 1.5.2)
      rack-test (~> 0.6.2)
    activemodel (4.0.13)
      activesupport (= 4.0.13)
      builder (~> 3.1.0)
    activerecord (4.0.13)
      activemodel (= 4.0.13)
      activerecord-deprecated_finders (~> 1.0.2)
      activesupport (= 4.0.13)
      arel (~> 4.0.0)
    activerecord-deprecated_finders (1.0.4)
    activesupport (4.0.13)
      i18n (~> 0.6, >= 0.6.9)
      minitest (~> 4.2)
      multi_json (~> 1.3)
      thread_safe (~> 0.1)
      tzinfo (~> 0.3.37)
    airbrake (3.1.17)
      builder
      multi_json
    angular_rails_csrf (1.0.4)
      rails (>= 3, < 5)
    annotate (2.6.5)
      activerecord (>= 2.3.0)
      rake (>= 0.8.7)
    arel (4.0.2)
    attribute_normalizer (1.2.0)
    awesome_print (1.7.0)
    axiom-types (0.1.1)
      descendants_tracker (~> 0.0.4)
      ice_nine (~> 0.11.0)
      thread_safe (~> 0.3, >= 0.3.1)
    better (1.0.0)
    brakeman (3.0.1)
      erubis (~> 2.6)
      fastercsv (~> 1.5)
      haml (>= 3.0, < 5.0)
      highline (~> 1.6.20)
      multi_json (~> 1.2)
      ruby2ruby (~> 2.1.1)
      ruby_parser (~> 3.5.0)
      sass (~> 3.0)
      terminal-table (~> 1.4)
    builder (3.1.4)
    cancan (1.6.10)
    capistrano (3.2.1)
      i18n
      rake (>= 10.0.0)
      sshkit (~> 1.3)
    capistrano-auth-subscriber (0.0.1)
      capistrano (~> 3.1)
    capistrano-bundler (1.1.3)
      capistrano (~> 3.1)
      sshkit (~> 1.2)
    capistrano-db-tasks (0.3)
      capistrano (>= 3.0.0)
    capistrano-rails (1.1.2)
      capistrano (~> 3.1)
      capistrano-bundler (~> 1.1)
    capistrano-rvm (0.1.1)
      capistrano (~> 3.0)
      sshkit (~> 1.2)
    capistrano-sidekiq (0.3.8)
      capistrano
      sidekiq
    capistrano3-unicorn (0.2.1)
      capistrano (~> 3.1, >= 3.1.0)
    celluloid (0.15.2)
      timers (~> 1.1.0)
    choice (0.1.6)
    chronic (0.10.2)
    chunky_png (1.3.1)
    cocaine (0.4.2)
    coercible (1.0.0)
      descendants_tracker (~> 0.0.1)
    coffee-rails (4.0.1)
      coffee-script (>= 2.2.0)
      railties (>= 4.0.0, < 5.0)
    coffee-script (2.3.0)
      coffee-script-source
      execjs
    coffee-script-source (1.8.0)
    colorize (0.7.3)
    compass (0.12.7)
      chunky_png (~> 1.2)
      fssm (>= 0.2.7)
      sass (~> 3.2.19)
    compass-rails (2.0.0)
      compass (>= 0.12.2)
    configliere (0.4.18)
      highline (>= 1.5.2)
      multi_json (>= 1.1)
    connection_pool (2.0.0)
    curb (0.8.6)
    daemons (1.2.4)
    decent_exposure (2.3.2)
    descendants_tracker (0.0.4)
      thread_safe (~> 0.3, >= 0.3.1)
    diff-lcs (1.2.5)
    enumerize (0.8.0)
      activesupport (>= 3.2)
    equalizer (0.0.9)
    erubis (2.7.0)
    eventmachine (1.0.3)
    execjs (2.2.1)
    fabrication (2.11.3)
    fastercsv (1.5.5)
    forgery (0.6.0)
    fssm (0.2.10)
    grape (0.2.2)
      activesupport
      hashie (~> 1.2)
      multi_json (>= 1.3.2)
      multi_xml
      rack
      rack-accept
      rack-mount
      virtus
    haml (4.0.6)
      tilt
    has_scope (0.6.0)
      actionpack (>= 3.2, < 5)
      activesupport (>= 3.2, < 5)
    hashie (1.2.0)
    highline (1.6.21)
    hike (1.2.3)
    hirb (0.7.2)
    hiredis (0.6.1)
    i18n (0.7.0)
    ice_nine (0.11.0)
    inherited_resources (1.5.0)
      has_scope (~> 0.6.0.rc)
      responders (~> 1.0)
    jquery-rails (2.1.3)
      railties (>= 3.1.0, < 5.0)
      thor (~> 0.14)
    json (1.8.1)
    kaminari (0.16.2)
      actionpack (>= 3.0.0)
      activesupport (>= 3.0.0)
    kgio (2.9.2)
    mail (2.6.4)
      mime-types (>= 1.16, < 4)
    mime-types (3.1)
      mime-types-data (~> 3.2015)
    mime-types-data (3.2016.0521)
    mini_portile (0.6.0)
    minitest (4.7.5)
    multi_json (1.12.1)
    multi_xml (0.5.5)
    nested_form (0.3.2)
    net-scp (1.2.1)
      net-ssh (>= 2.6.5)
    net-ssh (2.9.1)
    nokogiri (1.6.3.1)
      mini_portile (= 0.6.0)
    non-stupid-digest-assets (1.0.4)
    openteam-capistrano (1.0.11)
      airbrake (~> 3.1.16)
      capistrano (~> 3.1)
      capistrano-db-tasks (~> 0.3)
      capistrano-rails (~> 1.1)
      capistrano-rvm
      capistrano-sidekiq
      capistrano3-unicorn
    openteam-commons (0.2.4)
      airbrake
      configliere
      rails
      unicorn
      whenever
    options (2.3.2)
    paperclip (3.4.0)
      activemodel (>= 3.0.0)
      activerecord (>= 3.0.0)
      activesupport (>= 3.0.0)
      cocaine (~> 0.4.0)
      mime-types
    paperclip-elvfs (0.0.5)
      curb
      paperclip
    pdf-core (0.6.1)
    pg (0.17.1)
    pr_geohash (1.0.0)
    prawn (2.1.0)
      pdf-core (~> 0.6.1)
      ttfunk (~> 1.4.0)
    progress_bar (1.0.3)
      highline (~> 1.6.1)
      options (~> 2.3.0)
    protected_attributes (1.0.7)
      activemodel (>= 4.0.1, < 5.0)
    quiet_assets (1.0.3)
      railties (>= 3.1, < 5.0)
    rack (1.5.5)
    rack-accept (0.4.5)
      rack (>= 0.4)
    rack-mount (0.8.3)
      rack (>= 1.0.0)
    rack-test (0.6.3)
      rack (>= 1.0)
    rails (4.0.13)
      actionmailer (= 4.0.13)
      actionpack (= 4.0.13)
      activerecord (= 4.0.13)
      activesupport (= 4.0.13)
      bundler (>= 1.3.0, < 2.0)
      railties (= 4.0.13)
      sprockets-rails (~> 2.0)
    rails-assets-angular (1.5.5)
    rails-erd (1.1.0)
      activerecord (>= 3.0)
      activesupport (>= 3.0)
      choice (~> 0.1.6)
      ruby-graphviz (~> 1.0.4)
    rails-observers (0.1.2)
      activemodel (~> 4.0)
    railties (4.0.13)
      actionpack (= 4.0.13)
      activesupport (= 4.0.13)
      rake (>= 0.8.7)
      thor (>= 0.18.1, < 2.0)
    raindrops (0.13.0)
    rake (11.3.0)
    redis (3.3.1)
    redis-namespace (1.5.1)
      redis (~> 3.0, >= 3.0.4)
    redis-session-store (0.8.0)
      actionpack (>= 3, < 5)
      redis
    responders (1.1.1)
      railties (>= 3.2, < 4.2)
    rsolr (1.0.10)
      builder (>= 2.1.2)
    rspec-core (3.1.2)
      rspec-support (~> 3.1.0)
    rspec-expectations (3.1.0)
      diff-lcs (>= 1.2.0, < 2.0)
      rspec-support (~> 3.1.0)
    rspec-mocks (3.1.0)
      rspec-support (~> 3.1.0)
    rspec-rails (3.1.0)
      actionpack (>= 3.0)
      activesupport (>= 3.0)
      railties (>= 3.0)
      rspec-core (~> 3.1.0)
      rspec-expectations (~> 3.1.0)
      rspec-mocks (~> 3.1.0)
      rspec-support (~> 3.1.0)
    rspec-support (3.1.0)
    ruby-graphviz (1.0.9)
    ruby-ole (1.2.12)
    ruby2ruby (2.1.3)
      ruby_parser (~> 3.1)
      sexp_processor (~> 4.0)
    ruby_parser (3.5.0)
      sexp_processor (~> 4.1)
    rubyzip (0.9.9)
    russian (0.6.0)
      i18n (>= 0.5.0)
    sass (3.2.19)
    sass-rails (4.0.2)
      railties (>= 4.0.0, < 5.0)
      sass (~> 3.2.0)
      sprockets (~> 2.8, <= 2.11.0)
      sprockets-rails (~> 2.0.0)
    sexp_processor (4.4.5)
    shoulda-matchers (2.7.0)
      activesupport (>= 3.0.0)
    sidekiq (3.2.5)
      celluloid (= 0.15.2)
      connection_pool (>= 2.0.0)
      json
      redis (>= 3.0.6)
      redis-namespace (>= 1.3.1)
    simple_form (3.0.2)
      actionpack (~> 4.0)
      activemodel (~> 4.0)
    spreadsheet (1.1.3)
      ruby-ole (>= 1.0)
    sprockets (2.11.0)
      hike (~> 1.2)
      multi_json (~> 1.0)
      rack (~> 1.0)
      tilt (~> 1.1, != 1.3.0)
    sprockets-rails (2.0.1)
      actionpack (>= 3.0)
      activesupport (>= 3.0)
      sprockets (~> 2.8)
    sqlite3 (1.3.9)
    sshkit (1.5.1)
      colorize
      net-scp (>= 1.1.2)
      net-ssh (>= 2.8.0)
    state_machine (1.2.0)
    sunspot (2.0.0)
      pr_geohash (~> 1.0)
      rsolr (~> 1.0.7)
    sunspot_rails (2.0.0)
      nokogiri
      sunspot (= 2.0.0)
    sunspot_solr (2.0.0)
    terminal-table (1.4.5)
    thin (1.6.2)
      daemons (>= 1.0.9)
      eventmachine (>= 1.0.0)
      rack (>= 1.0.0)
    thor (0.19.1)
    thread_safe (0.3.5)
    tilt (1.4.1)
    timecop (0.7.1)
    timers (1.1.0)
    ttfunk (1.4.0)
    tzinfo (0.3.52)
    uglifier (2.5.3)
      execjs (>= 0.3.0)
      json (>= 1.8.0)
    unicorn (4.8.3)
      kgio (~> 2.6)
      rack
      raindrops (~> 0.7)
    virtus (1.0.3)
      axiom-types (~> 0.1)
      coercible (~> 1.0)
      descendants_tracker (~> 0.0, >= 0.0.3)
      equalizer (~> 0.0, >= 0.0.9)
    whenever (0.9.2)
      activesupport (>= 2.3.4)
      chronic (>= 0.6.3)

PLATFORMS
  ruby

DEPENDENCIES
  angular_rails_csrf
  annotate
  attribute_normalizer
  auth_client!
  auth_redis_user_connector!
  awesome_print
  better
  brakeman
  cancan
  capistrano-auth-subscriber
  coffee-rails (~> 4.0.0)
  compass-rails
  curb
  decent_exposure
  enumerize
  fabrication
  forgery
  grape (= 0.2.2)
  has_scope
  hirb
  inherited_resources
  jquery-rails (= 2.1.3)
  kaminari
  nested_form
  non-stupid-digest-assets
  openteam-capistrano
  openteam-commons
  paperclip (= 3.4.0)
  paperclip-elvfs (= 0.0.5)
  pg
  prawn
  progress_bar
  protected_attributes
  quiet_assets
  rails (~> 4.0.10)
  rails-assets-angular!
  rails-erd
  rails-observers
  redis-session-store
  rspec-rails
  rubyzip (= 0.9.9)
  russian
  sass-rails (~> 4.0.0)
  shoulda-matchers
  simple_form (~> 3.0.2)
  spreadsheet
  sqlite3
  state_machine
  sunspot_rails (~> 2.0.0)
  sunspot_solr (~> 2.0.0)
  thin
  timecop
  uglifier (>= 1.3.0)

BUNDLED WITH
   1.13.6
